PATH
  remote: .
  specs:
    gcp-api-discovery-watcher (0.0.1)
      diffy

GEM
  remote: https://rubygems.org/
  specs:
    diff-lcs (1.3)
    diffy (3.4.2)
    rake (13.0.0)
    rspec (3.8.0)
      rspec-core (~> 3.8.0)
      rspec-expectations (~> 3.8.0)
      rspec-mocks (~> 3.8.0)
    rspec-core (3.8.2)
      rspec-support (~> 3.8.0)
    rspec-expectations (3.8.5)
      diff-lcs (>= 1.2.0, < 2.0)
      rspec-support (~> 3.8.0)
    rspec-mocks (3.8.2)
      diff-lcs (>= 1.2.0, < 2.0)
      rspec-support (~> 3.8.0)
    rspec-support (3.8.3)

PLATFORMS
  ruby

DEPENDENCIES
  bundler
  gcp-api-discovery-watcher!
  rake
  rspec

BUNDLED WITH
   2.0.2
